GEM
  specs:
    builder (3.1.3)
    rack (1.4.1)
    rdiscount (1.6.8)
    toto (0.4.9)
      builder
      rack
      rdiscount

PLATFORMS
  ruby

DEPENDENCIES
  builder
  rdiscount
  toto
