GEM
  remote: https://rubygems.org/
  specs:
    builder (3.1.3)
    i18n (0.6.1)
    karakuri (0.1.3)
    mail (2.4.4)
      i18n (>= 0.4.0)
      mime-types (~> 1.16)
      treetop (~> 1.4.8)
    mime-types (1.19)
    polyglot (0.3.3)
    pony (1.4)
      mail (> 2.0)
    rack (1.4.1)
    rack-rewrite (1.3.1)
    rdiscount (1.6.8)
    toto (0.4.9)
      builder
      rack
      rdiscount
    treetop (1.4.11)
      polyglot
      polyglot (>= 0.3.1)

PLATFORMS
  ruby

DEPENDENCIES
  builder
  karakuri
  pony
  rack-rewrite
  rdiscount
  toto
